GEM
  specs:
    childprocess (0.5.3)
      ffi (~> 1.0, >= 1.0.11)
    commonwatir (4.0.0)
    diff-lcs (1.2.5)
    ffi (1.9.0-x86-mingw32)
    graphr (0.2.1)
    mini_magick (3.5.0)
      subexec (~> 0.2.1)
    mini_portile (0.6.0)
    multi_json (1.10.1)
    nokogiri (1.6.3.1-x86-mingw32)
      mini_portile (= 0.6.0)
    rautomation (0.15.0)
      ffi (= 1.9.0)
    rspec (3.0.0)
      rspec-core (~> 3.0.0)
      rspec-expectations (~> 3.0.0)
      rspec-mocks (~> 3.0.0)
    rspec-core (3.0.2)
      rspec-support (~> 3.0.0)
    rspec-expectations (3.0.2)
      diff-lcs (>= 1.2.0, < 2.0)
      rspec-support (~> 3.0.0)
    rspec-mocks (3.0.2)
      rspec-support (~> 3.0.0)
    rspec-support (3.0.3)
    rubyzip (1.1.6)
    selenium-webdriver (2.42.0)
      childprocess (>= 0.5.0)
      multi_json (~> 1.0)
      rubyzip (~> 1.0)
      websocket (~> 1.0.4)
    subexec (0.2.3)
    watir (5.0.0-x86-mingw32)
      commonwatir (~> 4)
      watir-classic (~> 4.0)
      watir-webdriver
    watir-classic (4.0.1)
      ffi (~> 1.0)
      multi_json
      nokogiri (>= 1.5.7.rc3)
      rautomation (~> 0.7)
      win32-process (>= 0.5.5)
      win32screenshot (~> 1.0.9)
      windows-pr (>= 0.6.6)
    watir-webdriver (0.6.10)
      selenium-webdriver (>= 2.18.0)
    websocket (1.0.7)
    win32-api (1.5.1-x86-mingw32)
    win32-process (0.7.4)
      ffi (>= 1.0.0)
    win32screenshot (1.0.10)
      ffi (~> 1.0)
      mini_magick (~> 3.5.0)
      rautomation (~> 0.7)
    windows-api (0.4.2)
      win32-api (>= 1.4.5)
    windows-pr (1.2.3)
      win32-api (>= 1.4.5)
      windows-api (>= 0.4.0)

PLATFORMS
  x86-mingw32

DEPENDENCIES
  graphr
  rspec
  watir
